GEM
  remote: https://rubygems.org/
  specs:
    addressable (2.3.8)
    ffi (1.9.14)
    json-schema (2.6.2)
      addressable (~> 2.3.8)
    minitest (5.9.1)
    rake (11.3.0)
    rbnacl (3.4.0)
      ffi
    rbnacl-libsodium (1.0.10)
      rbnacl (>= 3.0.1)

PLATFORMS
  ruby

DEPENDENCIES
  json-schema (= 2.6.2)
  minitest
  rake
  rbnacl-libsodium

BUNDLED WITH
   1.12.5
