GEM
  remote: http://rubygems.org/
  specs:
    activesupport (3.2.13)
      i18n (= 0.6.1)
      multi_json (~> 1.0)
    builder (3.2.0)
    cucumber (1.2.5)
      builder (>= 2.1.2)
      diff-lcs (>= 1.1.3)
      gherkin (~> 2.11.7)
      multi_json (~> 1.3)
    diff-lcs (1.2.2)
    factory_girl (4.2.0)
      activesupport (>= 3.0.0)
    ffi (1.7.0)
    gherkin (2.11.8)
      multi_json (~> 1.3)
    git (1.2.5)
    gli (2.5.6)
    i18n (0.6.1)
    jbuilder (1.3.0)
      activesupport (>= 3.0.0)
      multi_json (>= 1.2.0)
    jeweler (1.8.4)
      bundler (~> 1.0)
      git (>= 1.2.5)
      rake
      rdoc
    json (1.7.7)
    multi_json (1.7.2)
    nokogiri (1.5.9)
    rake (10.0.4)
    rbnacl (1.0.0)
      ffi
    rdoc (3.12.2)
      json (~> 1.4)
    rspec (2.13.0)
      rspec-core (~> 2.13.0)
      rspec-expectations (~> 2.13.0)
      rspec-mocks (~> 2.13.0)
    rspec-core (2.13.1)
    rspec-expectations (2.13.0)
      diff-lcs (>= 1.1.3, < 2.0)
    rspec-mocks (2.13.0)

PLATFORMS
  ruby

DEPENDENCIES
  cucumber
  factory_girl
  gli
  jbuilder
  jeweler (~> 1.8.4)
  multi_json (>= 1.2.0)
  nokogiri
  rbnacl
  rspec
